GEM
  remote: http://rubygems.org/
  specs:
    bgp4r (0.0.15)
    daemons (1.1.8)

PLATFORMS
  ruby

DEPENDENCIES
  bgp4r
  daemons
